PATH
  remote: .
  specs:
    right_http_connection (1.3.1)

GEM
  remote: http://rubygems.org/
  specs:
    builder (3.2.3)
    cucumber (1.3.20)
      builder (>= 2.1.2)
      diff-lcs (>= 1.1.3)
      gherkin (~> 2.12)
      multi_json (>= 1.7.5, < 2.0)
      multi_test (>= 0.1.2)
    diff-lcs (1.1.3)
    flexmock (0.8.11)
    gherkin (2.12.2)
      multi_json (~> 1.3)
    multi_json (1.13.1)
    multi_test (0.1.2)
    rake (0.8.7)
    rspec (2.4.0)
      rspec-core (~> 2.4.0)
      rspec-expectations (~> 2.4.0)
      rspec-mocks (~> 2.4.0)
    rspec-core (2.4.0)
    rspec-expectations (2.4.0)
      diff-lcs (~> 1.1.2)
    rspec-mocks (2.4.0)
    trollop (1.16.2)

PLATFORMS
  ruby

DEPENDENCIES
  cucumber (~> 1.3)
  flexmock (~> 0.8.11)
  rake
  right_http_connection!
  rspec (~> 2.3)
  trollop (~> 1.16)
